PATH
  remote: .
  specs:
    redis-session-retrieve (0.0.3)
      activesupport (~> 3.2)
      redis (~> 3.0)

GEM
  remote: http://rubygems.org/
  specs:
    activesupport (3.2.8)
      i18n (~> 0.6)
      multi_json (~> 1.0)
    diff-lcs (1.1.3)
    i18n (0.6.1)
    mock_redis (0.5.1)
    multi_json (1.5.0)
    redis (3.0.2)
    rspec (2.11.0)
      rspec-core (~> 2.11.0)
      rspec-expectations (~> 2.11.0)
      rspec-mocks (~> 2.11.0)
    rspec-core (2.11.1)
    rspec-expectations (2.11.3)
      diff-lcs (~> 1.1.3)
    rspec-mocks (2.11.2)

PLATFORMS
  ruby

DEPENDENCIES
  mock_redis
  redis-session-retrieve!
  rspec
