PATH
  remote: .
  specs:
    redis-session-retrieve (0.0.1)
      hiredis
      mock_redis
      redis

GEM
  remote: http://rubygems.org/
  specs:
    diff-lcs (1.1.3)
    hiredis (0.4.5)
    mock_redis (0.5.1)
    redis (3.0.1)
    rspec (2.11.0)
      rspec-core (~> 2.11.0)
      rspec-expectations (~> 2.11.0)
      rspec-mocks (~> 2.11.0)
    rspec-core (2.11.1)
    rspec-expectations (2.11.3)
      diff-lcs (~> 1.1.3)
    rspec-mocks (2.11.2)

PLATFORMS
  ruby

DEPENDENCIES
  redis-session-retrieve!
  rspec
